GEM
  remote: https://rubygems.org/
  specs:
    activesupport (7.2.2)
      base64
      benchmark (>= 0.3)
      bigdecimal
      concurrent-ruby (~> 1.0, >= 1.3.1)
      connection_pool (>= 2.2.5)
      drb
      i18n (>= 1.6, < 2)
      logger (>= 1.4.2)
      minitest (>= 5.1)
      securerandom (>= 0.3)
      tzinfo (~> 2.0, >= 2.0.5)
    addressable (2.8.7)
      public_suffix (>= 2.0.2, < 7.0)
    ast (2.4.2)
    attr_extras (7.1.0)
    base64 (0.2.0)
    benchmark (0.3.0)
    bigdecimal (3.1.9)
    binding_of_caller (1.0.1)
      debug_inspector (>= 1.2.0)
    byebug (11.1.3)
    claide (1.1.0)
    claide-plugins (0.9.2)
      cork
      nap
      open4 (~> 1.3)
    coderay (1.1.3)
    colored2 (3.1.2)
    colorize (1.1.0)
    concurrent-ruby (1.3.4)
    connection_pool (2.4.1)
    cork (0.3.0)
      colored2 (~> 3.1)
    crack (1.0.0)
      bigdecimal
      rexml
    csv (3.3.0)
    danger (9.4.3)
      claide (~> 1.0)
      claide-plugins (>= 0.9.2)
      colored2 (~> 3.1)
      cork (~> 0.1)
      faraday (>= 0.9.0, < 3.0)
      faraday-http-cache (~> 2.0)
      git (~> 1.13)
      kramdown (~> 2.3)
      kramdown-parser-gfm (~> 1.0)
      no_proxy_fix
      octokit (>= 4.0)
      terminal-table (>= 1, < 4)
    danger-gitlab (8.0.0)
      danger
      gitlab (~> 4.2, >= 4.2.0)
    debug_inspector (1.2.0)
    declarative (0.0.20)
    diff-lcs (1.5.1)
    digest-crc (0.6.5)
      rake (>= 12.0.0, < 14.0.0)
    drb (2.2.1)
    etc (1.4.5)
    faraday (2.12.2)
      faraday-net_http (>= 2.0, < 3.5)
      json
      logger
    faraday-http-cache (2.5.1)
      faraday (>= 0.8)
    faraday-net_http (3.4.0)
      net-http (>= 0.5.0)
    git (1.19.1)
      addressable (~> 2.8)
      rchardet (~> 1.8)
    gitlab (4.20.1)
      httparty (~> 0.20)
      terminal-table (>= 1.5.1)
    gitlab-dangerfiles (4.8.0)
      danger (>= 9.3.0)
      danger-gitlab (>= 8.0.0)
      rake (~> 13.0)
    gitlab-styles (13.0.2)
      rubocop (~> 1.68.0)
      rubocop-capybara (~> 2.21.0)
      rubocop-factory_bot (~> 2.26.1)
      rubocop-graphql (~> 1.5.4)
      rubocop-performance (~> 1.21.1)
      rubocop-rails (~> 2.26.0)
      rubocop-rspec (~> 3.0.4)
      rubocop-rspec_rails (~> 2.30.0)
    google-apis-core (0.15.1)
      addressable (~> 2.5, >= 2.5.1)
      googleauth (~> 1.9)
      httpclient (>= 2.8.3, < 3.a)
      mini_mime (~> 1.0)
      mutex_m
      representable (~> 3.0)
      retriable (>= 2.0, < 4.a)
    google-apis-iamcredentials_v1 (0.22.0)
      google-apis-core (>= 0.15.0, < 2.a)
    google-apis-storage_v1 (0.48.0)
      google-apis-core (>= 0.15.0, < 2.a)
    google-cloud-core (1.7.1)
      google-cloud-env (>= 1.0, < 3.a)
      google-cloud-errors (~> 1.0)
    google-cloud-env (2.2.1)
      faraday (>= 1.0, < 3.a)
    google-cloud-errors (1.4.0)
    google-cloud-storage (1.54.0)
      addressable (~> 2.8)
      digest-crc (~> 0.4)
      google-apis-core (~> 0.13)
      google-apis-iamcredentials_v1 (~> 0.18)
      google-apis-storage_v1 (~> 0.38)
      google-cloud-core (~> 1.6)
      googleauth (~> 1.9)
      mini_mime (~> 1.0)
    google-logging-utils (0.1.0)
    googleauth (1.12.0)
      faraday (>= 1.0, < 3.a)
      google-cloud-env (~> 2.2)
      google-logging-utils (~> 0.1)
      jwt (>= 1.4, < 3.0)
      multi_json (~> 1.11)
      os (>= 0.9, < 2.0)
      signet (>= 0.16, < 2.a)
    hashdiff (1.1.1)
    httparty (0.22.0)
      csv
      mini_mime (>= 1.0.0)
      multi_xml (>= 0.5.2)
    httpclient (2.8.3)
    i18n (1.14.6)
      concurrent-ruby (~> 1.0)
    io-console (0.8.0)
    json (2.9.1)
    jwt (2.9.3)
      base64
    kramdown (2.4.0)
      rexml
    kramdown-parser-gfm (1.1.0)
      kramdown (~> 2.0)
    language_server-protocol (3.17.0.3)
    logger (1.6.3)
    method_source (1.1.0)
    mini_mime (1.1.5)
    minitest (5.25.2)
    multi_json (1.15.0)
    multi_xml (0.7.1)
      bigdecimal (~> 3.1)
    mutex_m (0.3.0)
    nap (1.1.0)
    net-http (0.6.0)
      uri
    no_proxy_fix (0.1.2)
    octokit (8.1.0)
      base64
      faraday (>= 1, < 3)
      sawyer (~> 0.9)
    open4 (1.3.4)
    optimist (3.2.0)
    os (1.1.4)
    parallel (1.26.3)
    parser (3.3.6.0)
      ast (~> 2.4.1)
      racc
    patience_diff (1.2.0)
      optimist (~> 3.0)
    proc_to_ast (0.1.0)
      coderay
      parser
      unparser
    pry (0.15.2)
      coderay (~> 1.1)
      method_source (~> 1.0)
    public_suffix (5.1.1)
    racc (1.8.1)
    rack (3.1.8)
    rainbow (3.1.1)
    rake (13.2.1)
    rchardet (1.8.0)
    redis (5.3.0)
      redis-client (>= 0.22.0)
    redis-client (0.22.2)
      connection_pool
    redis-cluster-client (0.11.0)
      redis-client (~> 0.22)
    redis-clustering (5.3.0)
      redis (= 5.3.0)
      redis-cluster-client (>= 0.10.0)
    regexp_parser (2.10.0)
    representable (3.2.0)
      declarative (< 0.1.0)
      trailblazer-option (>= 0.1.1, < 0.2.0)
      uber (< 0.2.0)
    retriable (3.1.2)
    rexml (3.3.9)
    rspec (3.13.0)
      rspec-core (~> 3.13.0)
      rspec-expectations (~> 3.13.0)
      rspec-mocks (~> 3.13.0)
    rspec-core (3.13.0)
      rspec-support (~> 3.13.0)
    rspec-expectations (3.13.0)
      diff-lcs (>= 1.2.0, < 2.0)
      rspec-support (~> 3.13.0)
    rspec-mocks (3.13.0)
      diff-lcs (>= 1.2.0, < 2.0)
      rspec-support (~> 3.13.0)
    rspec-parameterized (1.0.2)
      rspec-parameterized-core (< 2)
      rspec-parameterized-table_syntax (< 2)
    rspec-parameterized-core (1.0.0)
      parser
      proc_to_ast
      rspec (>= 2.13, < 4)
      unparser
    rspec-parameterized-table_syntax (1.0.1)
      binding_of_caller
      rspec-parameterized-core (< 2)
    rspec-support (3.13.1)
    rubocop (1.68.0)
      json (~> 2.3)
      language_server-protocol (>= 3.17.0)
      parallel (~> 1.10)
      parser (>= 3.3.0.2)
      rainbow (>= 2.2.2, < 4.0)
      regexp_parser (>= 2.4, < 3.0)
      rubocop-ast (>= 1.32.2, < 2.0)
      ruby-progressbar (~> 1.7)
      unicode-display_width (>= 2.4.0, < 3.0)
    rubocop-ast (1.37.0)
      parser (>= 3.3.1.0)
    rubocop-capybara (2.21.0)
      rubocop (~> 1.41)
    rubocop-factory_bot (2.26.1)
      rubocop (~> 1.61)
    rubocop-graphql (1.5.4)
      rubocop (>= 1.50, < 2)
    rubocop-performance (1.21.1)
      rubocop (>= 1.48.1, < 2.0)
      rubocop-ast (>= 1.31.1, < 2.0)
    rubocop-rails (2.26.2)
      activesupport (>= 4.2.0)
      rack (>= 1.1)
      rubocop (>= 1.52.0, < 2.0)
      rubocop-ast (>= 1.31.1, < 2.0)
    rubocop-rspec (3.0.5)
      rubocop (~> 1.61)
    rubocop-rspec_rails (2.30.0)
      rubocop (~> 1.61)
      rubocop-rspec (~> 3, >= 3.0.1)
    ruby-progressbar (1.13.0)
    sawyer (0.9.2)
      addressable (>= 2.3.5)
      faraday (>= 0.17.3, < 3)
    securerandom (0.3.2)
    signet (0.19.0)
      addressable (~> 2.8)
      faraday (>= 0.17.5, < 3.a)
      jwt (>= 1.5, < 3.0)
      multi_json (~> 1.10)
    socksify (1.7.1)
    super_diff (0.14.0)
      attr_extras (>= 6.2.4)
      diff-lcs
      patience_diff
    terminal-table (3.0.2)
      unicode-display_width (>= 1.1.1, < 3)
    trailblazer-option (0.1.2)
    tzinfo (2.0.6)
      concurrent-ruby (~> 1.0)
    uber (0.1.0)
    unicode-display_width (2.6.0)
    unparser (0.6.13)
      diff-lcs (~> 1.3)
      parser (>= 3.3.0)
    uri (0.13.1)
    webmock (3.24.0)
      addressable (>= 2.8.0)
      crack (>= 0.3.2)
      hashdiff (>= 0.4.0, < 2.0.0)

PLATFORMS
  ruby

DEPENDENCIES
  bigdecimal
  byebug
  colorize
  connection_pool (~> 2.0)
  digest-crc
  etc
  gitlab-dangerfiles (~> 4.0)
  gitlab-styles (~> 13.0)
  google-cloud-storage
  io-console
  json
  pry (~> 0.13)
  rake
  redis (~> 5.3.0)
  redis-clustering
  rspec
  rspec-parameterized (>= 1.0.0)
  rubocop
  socksify
  super_diff
  terminal-table (~> 3.0)
  webmock

BUNDLED WITH
   2.5.22
